PATH
  remote: .
  specs:
    nfe-xml (0.1.1)
      nokogiri (~> 1.5)

GEM
  remote: https://rubygems.org/
  specs:
    mini_portile2 (2.1.0)
    nokogiri (1.6.8)
      mini_portile2 (~> 2.1.0)
      pkg-config (~> 1.1.7)
    pkg-config (1.1.7)

PLATFORMS
  ruby

DEPENDENCIES
  nfe-xml!
  nokogiri

BUNDLED WITH
   1.12.5
