PATH
  remote: .
  specs:
    nfe (0.1.0)
      nokogiri (~> 1.5)

GEM
  remote: https://rubygems.org/
  specs:
    mini_portile2 (2.1.0)
    nokogiri (1.6.8)
      mini_portile2 (~> 2.1.0)
      pkg-config (~> 1.1.7)
    pkg-config (1.1.7)
    rake (10.4.2)

PLATFORMS
  ruby

DEPENDENCIES
  bundler (~> 1.12)
  nfe!
  nokogiri
  rake (~> 10.0)

BUNDLED WITH
   1.12.5
